GEM
  remote: https://rubygems.org/
  specs:
    backports (3.15.0)
    byebug (11.0.1)
    diff-lcs (1.3)
    ffi (1.11.1)
    multi_json (1.13.1)
    mustermann (1.0.3)
    rack (2.0.8)
    rack-protection (2.0.5)
      rack
    rake (12.3.2)
    rspec (3.8.0)
      rspec-core (~> 3.8.0)
      rspec-expectations (~> 3.8.0)
      rspec-mocks (~> 3.8.0)
    rspec-core (3.8.0)
      rspec-support (~> 3.8.0)
    rspec-expectations (3.8.4)
      diff-lcs (>= 1.2.0, < 2.0)
      rspec-support (~> 3.8.0)
    rspec-mocks (3.8.0)
      diff-lcs (>= 1.2.0, < 2.0)
      rspec-support (~> 3.8.0)
    rspec-support (3.8.2)
    sassc (2.0.1)
      ffi (~> 1.9)
      rake
    sinatra (2.0.5)
      mustermann (~> 1.0)
      rack (~> 2.0)
      rack-protection (= 2.0.5)
      tilt (~> 2.0)
    sinatra-contrib (2.0.5)
      backports (>= 2.8.2)
      multi_json
      mustermann (~> 1.0)
      rack-protection (= 2.0.5)
      sinatra (= 2.0.5)
      tilt (>= 1.3, < 3)
    sinatra-reloader (1.0)
      sinatra-contrib
    tilt (2.0.9)

PLATFORMS
  ruby

DEPENDENCIES
  byebug
  rspec
  sassc
  sinatra
  sinatra-reloader

BUNDLED WITH
   2.0.1
